GEM
  remote: https://rubygems.org/
  specs:
    capistrano (3.2.1)
      i18n
      rake (>= 10.0.0)
      sshkit (~> 1.3)
    capistrano-composer (0.0.6)
      capistrano (>= 3.0.0.pre)
    capistrano-nc (0.1.4)
      capistrano (~> 3.0)
      terminal-notifier (~> 1.6)
    capistrano-ssh-doctor (1.0.0)
      capistrano (>= 3.1)
    colorize (0.7.7)
    i18n (0.7.0)
    json (1.8.3)
    net-scp (1.2.1)
      net-ssh (>= 2.6.5)
    net-ssh (3.0.1)
    rake (10.4.2)
    slackistrano (0.1.12)
      capistrano (>= 3.0.1)
      json
    sshkit (1.7.1)
      colorize (>= 0.7.0)
      net-scp (>= 1.1.2)
      net-ssh (>= 2.8.0)
    terminal-notifier (1.6.3)

PLATFORMS
  ruby

DEPENDENCIES
  capistrano (~> 3.2.0)
  capistrano-composer
  capistrano-nc (~> 0.1)
  capistrano-ssh-doctor (~> 1.0)
  slackistrano

BUNDLED WITH
   1.10.5
